PATH
  remote: .
  specs:
    asciidoctor-mdpp (0.1.0)
      asciidoctor (~> 2.0)

GEM
  remote: https://rubygems.org/
  specs:
    asciidoctor (2.0.23)
    diff-lcs (1.6.1)
    rake (13.0.6)
    rspec (3.13.0)
      rspec-core (~> 3.13.0)
      rspec-expectations (~> 3.13.0)
      rspec-mocks (~> 3.13.0)
    rspec-core (3.13.3)
      rspec-support (~> 3.13.0)
    rspec-expectations (3.13.3)
      diff-lcs (>= 1.2.0, < 2.0)
      rspec-support (~> 3.13.0)
    rspec-mocks (3.13.2)
      diff-lcs (>= 1.2.0, < 2.0)
      rspec-support (~> 3.13.0)
    rspec-support (3.13.2)

PLATFORMS
  ruby
  x86_64-linux

DEPENDENCIES
  asciidoctor-mdpp!
  rake (~> 13.0)
  rspec (~> 3.13)

BUNDLED WITH
   2.5.23
